GIT
  remote: git://github.com/baccigalupi/wheel.js.git
  revision: 513fe7f7b21f92f17fab327a1392006fccb61d09
  specs:
    wheel.js (0.3.7)

GIT
  remote: https://github.com/blazingcloud/manifesto.git
  revision: 30d772e0a83b6b669b87da3ddc342119a81c0f29
  specs:
    manifesto (0.0.0)

GEM
  remote: http://rubygems.org/
  specs:
    diff-lcs (1.1.3)
    gemlicense (0.1)
    git (1.2.5)
    jeweler (1.8.4)
      bundler (~> 1.0)
      git (>= 1.2.5)
      rake
      rdoc
    json (1.7.5)
    multi_json (1.3.6)
    rake (0.9.2.2)
    rdoc (3.12)
      json (~> 1.4)
    rspec (2.8.0)
      rspec-core (~> 2.8.0)
      rspec-expectations (~> 2.8.0)
      rspec-mocks (~> 2.8.0)
    rspec-core (2.8.0)
    rspec-expectations (2.8.0)
      diff-lcs (~> 1.1.2)
    rspec-mocks (2.8.0)
    simplecov (0.6.4)
      multi_json (~> 1.0)
      simplecov-html (~> 0.5.3)
    simplecov-html (0.5.3)
    yard (0.8.2.1)

PLATFORMS
  ruby

DEPENDENCIES
  bundler (~> 1.2.0)
  gemlicense
  jeweler (~> 1.8.3)
  manifesto!
  rdoc (~> 3.12)
  rspec (~> 2.8.0)
  simplecov
  wheel.js!
  yard (~> 0.7)
